GEM
  remote: https://rubygems.org/
  specs:
    tebako (0.12.15)
      bundler
      thor (~> 1.2)
      yaml (~> 0.2.1)
    tebako-runtime (0.5.5)
    thor (1.3.2)
    yaml (0.2.1)

PLATFORMS
  ruby
  x86_64-darwin-24

DEPENDENCIES
  tebako
  tebako-runtime

BUNDLED WITH
   2.6.2
